GEM
  remote: http://rubygems.org/
  specs:
    addressable (2.2.8)
    daemons (1.1.8)
    databasedotcom (1.3.1)
      json
      multipart-post (~> 1.1)
    databasedotcom-oauth2 (0.2.0)
      addressable
      databasedotcom
      gibberish
      hashie
      oauth2
    eventmachine (0.12.10)
    faraday (0.8.1)
      multipart-post (~> 1.1)
    gibberish (1.2.0)
    haml (3.1.6)
    hashie (1.2.0)
    httpauth (0.1)
    json (1.7.3)
    jwt (0.1.4)
      json (>= 1.2.4)
    multi_json (1.3.6)
    multipart-post (1.1.5)
    oauth2 (0.8.0)
      faraday (~> 0.8)
      httpauth (~> 0.1)
      jwt (~> 0.1.4)
      multi_json (~> 1.0)
      rack (~> 1.2)
    rack (1.4.1)
    rack-protection (1.2.0)
      rack
    rack-ssl (1.3.2)
      rack
    sinatra (1.3.2)
      rack (~> 1.3, >= 1.3.6)
      rack-protection (~> 1.2)
      tilt (~> 1.3, >= 1.3.3)
    thin (1.3.1)
      daemons (>= 1.0.9)
      eventmachine (>= 0.12.6)
      rack (>= 1.0.0)
    tilt (1.3.3)

PLATFORMS
  ruby

DEPENDENCIES
  databasedotcom-oauth2 (>= 0.2.0)
  haml
  rack-ssl
  sinatra
  thin
