GEM
  remote: http://rubygems.org/
  specs:
    addressable (2.2.8)
    daemons (1.1.8)
    databasedotcom (1.3.1)
      json
      multipart-post (~> 1.1)
    databasedotcom-oauth2 (0.2.1)
      addressable
      databasedotcom
      gibberish
      hashie
      oauth2
    eventmachine (0.12.10)
    faraday (2.7.1)
      faraday-net_http (>= 2.0, < 3.1)
      ruby2_keywords (>= 0.0.4)
    faraday-net_http (3.0.2)
    gibberish (1.2.0)
    haml (3.1.6)
    hashie (1.2.0)
    json (2.6.2)
    jwt (2.5.0)
    multi_xml (0.6.0)
    multipart-post (1.2.0)
    mustermann (2.0.2)
      ruby2_keywords (~> 0.0.1)
    oauth2 (2.0.9)
      faraday (>= 0.17.3, < 3.0)
      jwt (>= 1.0, < 3.0)
      multi_xml (~> 0.5)
      rack (>= 1.2, < 4)
      snaky_hash (~> 2.0)
      version_gem (~> 1.1)
    rack (2.2.4)
    rack-protection (2.2.3)
      rack
    rack-ssl (1.3.2)
      rack
    ruby2_keywords (0.0.5)
    sinatra (2.2.3)
      mustermann (~> 2.0)
      rack (~> 2.2)
      rack-protection (= 2.2.3)
      tilt (~> 2.0)
    snaky_hash (2.0.1)
      hashie
      version_gem (~> 1.1, >= 1.1.1)
    thin (1.3.1)
      daemons (>= 1.0.9)
      eventmachine (>= 0.12.6)
      rack (>= 1.0.0)
    tilt (2.0.11)
    version_gem (1.1.1)

PLATFORMS
  ruby

DEPENDENCIES
  databasedotcom-oauth2 (>= 0.2.1)
  haml
  rack-ssl
  sinatra
  thin
