GEM
  remote: http://rubygems.org/
  specs:
    addressable (2.2.8)
    daemons (1.1.8)
    databasedotcom (1.3.1)
      json
      multipart-post (~> 1.1)
    databasedotcom-oauth2 (0.2.1)
      addressable
      databasedotcom
      gibberish
      hashie
      oauth2
    eventmachine (0.12.10)
    faraday (2.2.0)
      faraday-net_http (~> 2.0)
      ruby2_keywords (>= 0.0.4)
    faraday-net_http (2.0.2)
    gibberish (1.2.0)
    haml (3.1.6)
    hashie (1.2.0)
    json (2.6.1)
    jwt (2.3.0)
    multi_json (1.15.0)
    multi_xml (0.6.0)
    multipart-post (1.2.0)
    mustermann (1.1.1)
      ruby2_keywords (~> 0.0.1)
    oauth2 (1.4.9)
      faraday (>= 0.17.3, < 3.0)
      jwt (>= 1.0, < 3.0)
      multi_json (~> 1.3)
      multi_xml (~> 0.5)
      rack (>= 1.2, < 3)
    rack (2.2.3)
    rack-protection (2.2.0)
      rack
    rack-ssl (1.3.2)
      rack
    ruby2_keywords (0.0.5)
    sinatra (2.2.0)
      mustermann (~> 1.0)
      rack (~> 2.2)
      rack-protection (= 2.2.0)
      tilt (~> 2.0)
    thin (1.3.1)
      daemons (>= 1.0.9)
      eventmachine (>= 0.12.6)
      rack (>= 1.0.0)
    tilt (2.0.10)

PLATFORMS
  ruby

DEPENDENCIES
  databasedotcom-oauth2 (>= 0.2.1)
  haml
  rack-ssl
  sinatra
  thin
